PATH
  remote: .
  specs:
    mongoid-canhaz (1.0.0)
      mongoid (>= 2.2.0)

GEM
  remote: https://rubygems.org/
  specs:
    activemodel (3.2.13)
      activesupport (= 3.2.13)
      builder (~> 3.0.0)
    activesupport (3.2.13)
      i18n (= 0.6.1)
      multi_json (~> 1.0)
    builder (3.0.4)
    i18n (0.6.1)
    mongoid (3.1.3)
      activemodel (~> 3.2)
      moped (~> 1.4.2)
      origin (~> 1.0)
      tzinfo (~> 0.3.22)
    moped (1.4.5)
    multi_json (1.7.2)
    origin (1.1.0)
    rake (10.0.4)
    tzinfo (0.3.37)

PLATFORMS
  ruby

DEPENDENCIES
  mongoid-canhaz!
  rake
