PATH
  remote: .
  specs:
    mongoid-canhaz (0.0.1)
      mongoid (>= 2.2.0)

GEM
  remote: https://rubygems.org/
  specs:
    activemodel (3.2.12)
      activesupport (= 3.2.12)
      builder (~> 3.0.0)
    activesupport (3.2.12)
      i18n (~> 0.6)
      multi_json (~> 1.0)
    builder (3.0.4)
    i18n (0.6.4)
    mongoid (3.1.2)
      activemodel (~> 3.2)
      moped (~> 1.4.2)
      origin (~> 1.0)
      tzinfo (~> 0.3.22)
    moped (1.4.3)
    multi_json (1.7.2)
    origin (1.0.11)
    tzinfo (0.3.37)

PLATFORMS
  ruby

DEPENDENCIES
  mongoid-canhaz!
